GEM
  remote: https://rubygems.org/
  specs:
    rack (2.2.3)
    roda (3.47.0)
      rack

PLATFORMS
  ruby

DEPENDENCIES
  roda

BUNDLED WITH
   2.1.4
